PATH
  remote: .
  specs:
    yarrrml_template_builder (0.1.0)
      yaml (~> 0.1.0)

GEM
  remote: https://rubygems.org/
  specs:
    rake (13.0.3)
    yaml (0.1.1)

PLATFORMS
  x86_64-linux

DEPENDENCIES
  rake (~> 13.0)
  yarrrml_template_builder!

BUNDLED WITH
   2.2.5
